PATH
  remote: .
  specs:
    baller (0.2.1)

GEM
  remote: https://rubygems.org/
  specs:
    dotenv (2.8.1)
    thor (1.2.1)

PLATFORMS
  arm64-darwin-21

DEPENDENCIES
  baller!
  dotenv
  thor

BUNDLED WITH
   2.3.20
